PATH
  remote: .
  specs:
    memtar (0.1.3)
      minitar (~> 0.8)

GEM
  remote: https://rubygems.org/
  specs:
    diff-lcs (1.3)
    minitar (0.9)
    rake (13.0.1)
    rspec (3.9.0)
      rspec-core (~> 3.9.0)
      rspec-expectations (~> 3.9.0)
      rspec-mocks (~> 3.9.0)
    rspec-core (3.9.0)
      rspec-support (~> 3.9.0)
    rspec-expectations (3.9.0)
      diff-lcs (>= 1.2.0, < 2.0)
      rspec-support (~> 3.9.0)
    rspec-mocks (3.9.0)
      diff-lcs (>= 1.2.0, < 2.0)
      rspec-support (~> 3.9.0)
    rspec-support (3.9.0)

PLATFORMS
  ruby

DEPENDENCIES
  bundler (~> 1.7)
  memtar!
  rake (~> 13.0)

BUNDLED WITH
   1.17.2
